GIT
  remote: git://github.com/mitchellh/vagrant.git
  revision: cd36088d2f2d6909eb0428cc6a2ac4051b66b176
  specs:
    vagrant (1.1.0.dev)
      childprocess (~> 0.3.7)
      erubis (~> 2.7.0)
      i18n (~> 0.6.0)
      json (>= 1.5.1, < 1.8.0)
      log4r (~> 1.1.9)
      net-scp (~> 1.0.4)
      net-ssh (~> 2.2.2)

PATH
  remote: .
  specs:
    vagrant-openstack (0.0.2)
      openstack (~> 1.0.9)
      vagrant

GEM
  remote: http://rubygems.org/
  specs:
    childprocess (0.3.9)
      ffi (~> 1.0, >= 1.0.11)
    diff-lcs (1.1.3)
    erubis (2.7.0)
    ffi (1.4.0)
    i18n (0.6.4)
    json (1.7.7)
    log4r (1.1.10)
    net-scp (1.0.4)
      net-ssh (>= 1.99.1)
    net-ssh (2.2.2)
    openstack (1.0.9)
      json
    rake (10.0.3)
    rspec-core (2.12.2)
    rspec-expectations (2.12.1)
      diff-lcs (~> 1.1.3)
    rspec-mocks (2.12.2)

PLATFORMS
  ruby

DEPENDENCIES
  rake
  rspec-core (~> 2.12.2)
  rspec-expectations (~> 2.12.1)
  rspec-mocks (~> 2.12.1)
  vagrant!
  vagrant-openstack!
