GIT
  remote: git://github.com/mitchellh/vagrant.git
  revision: cd36088d2f2d6909eb0428cc6a2ac4051b66b176
  specs:
    vagrant (1.1.0.dev)
      childprocess (~> 0.3.7)
      erubis (~> 2.7.0)
      i18n (~> 0.6.0)
      json (>= 1.5.1, < 1.8.0)
      log4r (~> 1.1.9)
      net-scp (~> 1.0.4)
      net-ssh (~> 2.2.2)

PATH
  remote: .
  specs:
    vagrant-openstack (0.0.1)
      fog
      vagrant

GEM
  remote: http://rubygems.org/
  specs:
    builder (3.2.0)
    childprocess (0.3.9)
      ffi (~> 1.0, >= 1.0.11)
    contest (0.1.3)
    diff-lcs (1.1.3)
    erubis (2.7.0)
    excon (0.19.5)
    ffi (1.4.0)
    fog (1.9.0)
      builder
      excon (~> 0.14)
      formatador (~> 0.2.0)
      mime-types
      multi_json (~> 1.0)
      net-scp (~> 1.0.4)
      net-ssh (>= 2.1.3)
      nokogiri (~> 1.5.0)
      ruby-hmac
    formatador (0.2.4)
    i18n (0.6.4)
    json (1.7.7)
    log4r (1.1.10)
    metaclass (0.0.1)
    mime-types (1.21)
    minitest (2.5.1)
    mocha (0.13.3)
      metaclass (~> 0.0.1)
    multi_json (1.6.1)
    net-scp (1.0.4)
      net-ssh (>= 1.99.1)
    net-ssh (2.2.2)
    nokogiri (1.5.6)
    rake (10.0.3)
    rspec-core (2.11.1)
    rspec-expectations (2.11.3)
      diff-lcs (~> 1.1.3)
    rspec-mocks (2.11.3)
    ruby-hmac (0.4.0)

PLATFORMS
  ruby

DEPENDENCIES
  contest (>= 0.1.2)
  minitest (~> 2.5.1)
  mocha
  rake
  rspec-core (~> 2.11.0)
  rspec-expectations (~> 2.11.0)
  rspec-mocks (~> 2.11.0)
  vagrant!
  vagrant-openstack!
